GEM
  remote: https://rubygems.org/
  specs:
    nokogiri (1.12.5-x64-mingw32)
      racc (~> 1.4)
    racc (1.6.0)

PLATFORMS
  x64-mingw32

DEPENDENCIES
  nokogiri

BUNDLED WITH
   2.2.28
